GEM
  remote: https://rubygems.org/
  specs:
    mustermann (1.0.2)
    rack (2.0.4)
    rack-protection (2.0.1)
      rack
    sinatra (2.0.1)
      mustermann (~> 1.0)
      rack (~> 2.0)
      rack-protection (= 2.0.1)
      tilt (~> 2.0)
    tilt (2.0.8)
    xml-simple (1.1.5)
    
PLATFORMS
  ruby

DEPENDENCIES
  sinatra (>= 2.0.1)
  xml-simple

BUNDLED WITH
   2.0.1
